GEM
  remote: http://rubygems.org/
  specs:
    addressable (2.3.8)
    alces-tools (0.13.0)
    commander (4.3.5)
      highline (~> 1.7.2)
    data_objects (0.10.16)
      addressable (~> 2.1)
    diff-lcs (1.2.5)
    dm-aggregates (1.2.0)
      dm-core (~> 1.2.0)
    dm-core (1.2.1)
      addressable (~> 2.3)
    dm-do-adapter (1.2.0)
      data_objects (~> 0.10.6)
      dm-core (~> 1.2.0)
    dm-migrations (1.2.0)
      dm-core (~> 1.2.0)
    dm-rest-adapter (1.3.0.alces0)
      dm-serializer (~> 1.2.0)
      json (>= 1.4.6)
      json_pure (>= 1.4.6)
      multi_json (~> 1.0)
      rest-client (~> 1.6)
    dm-serializer (1.2.2)
      dm-core (~> 1.2.0)
      fastercsv (~> 1.5)
      json (~> 1.6)
      json_pure (~> 1.6)
      multi_json (~> 1.0)
    dm-sqlite-adapter (1.2.0)
      dm-do-adapter (~> 1.2.0)
      do_sqlite3 (~> 0.10.6)
    do_sqlite3 (0.10.16)
      data_objects (= 0.10.16)
    domain_name (0.5.24)
      unf (>= 0.0.5, < 1.0.0)
    fastercsv (1.5.5)
    grit (2.5.0)
      diff-lcs (~> 1.1)
      mime-types (~> 1.15)
      posix-spawn (~> 0.3.6)
    highline (1.7.3)
    hpricot (0.8.6)
    http-cookie (1.0.2)
      domain_name (~> 0.5)
    json (1.8.3)
    json_pure (1.8.2)
    memoist (0.12.0)
    mime-types (1.25.1)
    multi_json (1.11.2)
    mustache (1.0.2)
    netrc (0.10.3)
    posix-spawn (0.3.11)
    rainbow (2.0.0)
    rdiscount (2.1.8)
    rest-client (1.8.0)
      http-cookie (>= 1.0.2, < 2.0)
      mime-types (>= 1.16, < 3.0)
      netrc (~> 0.7)
    ronn (0.7.3)
      hpricot (>= 0.8.2)
      mustache (>= 0.7.0)
      rdiscount (>= 1.5.8)
    rubytree (0.9.6)
      json (~> 1.8)
      structured_warnings (~> 0.2)
    structured_warnings (0.2.0)
    terminal-table (1.5.2)
    unf (0.1.4)
      unf_ext
    unf_ext (0.0.7.1)

PLATFORMS
  ruby

DEPENDENCIES
  alces-tools (>= 0.13.0)
  commander
  dm-aggregates (>= 1.2.0)
  dm-migrations (>= 1.2.0)
  dm-rest-adapter (= 1.3.0.alces0)
  dm-sqlite-adapter (>= 1.2.0)
  grit
  memoist
  rainbow
  ronn
  rubytree
  terminal-table

BUNDLED WITH
   1.10.6
